GEM
  remote: https://rubygems.org/
  specs:
    cinch (2.3.4)
    faraday (0.9.2)
      multipart-post (>= 1.2, < 3)
    faraday_middleware (0.9.2)
      faraday (>= 0.7.4, < 0.10)
    hashie (5.0.0)
    htmlentities (4.3.4)
    json (2.6.3)
    mime-types (3.4.1)
      mime-types-data (~> 3.2015)
    mime-types-data (3.2023.0218.1)
    multipart-post (2.3.0)
    nokogiri (1.15.3-x86_64-darwin)
      racc (~> 1.4)
    oauth (1.1.0)
      oauth-tty (~> 1.0, >= 1.0.1)
      snaky_hash (~> 2.0)
      version_gem (~> 1.1)
    oauth-tty (1.0.5)
      version_gem (~> 1.1, >= 1.1.1)
    racc (1.7.1)
    simple_oauth (0.3.1)
    snaky_hash (2.0.1)
      hashie
      version_gem (~> 1.1, >= 1.1.1)
    tumblr_client (0.8.5)
      faraday (~> 0.9.0)
      faraday_middleware (~> 0.9.0)
      json
      mime-types
      oauth
      simple_oauth
    version_gem (1.1.3)

PLATFORMS
  x86_64-darwin-22

DEPENDENCIES
  cinch
  htmlentities
  nokogiri
  tumblr_client

BUNDLED WITH
   2.4.6
