GEM
  remote: https://rubygems.org/
  specs:
    activesupport (7.1.3.4)
      base64
      bigdecimal
      concurrent-ruby (~> 1.0, >= 1.0.2)
      connection_pool (>= 2.2.5)
      drb
      i18n (>= 1.6, < 2)
      minitest (>= 5.1)
      mutex_m
      tzinfo (~> 2.0)
    base64 (0.2.0)
    bigdecimal (3.1.8)
    cinch (2.3.4)
    concurrent-ruby (1.3.3)
    connection_pool (2.4.1)
    drb (2.2.1)
    htmlentities (4.3.4)
    i18n (1.14.5)
      concurrent-ruby (~> 1.0)
    mini_portile2 (2.8.7)
    minitest (5.24.1)
    mutex_m (0.2.0)
    nokogiri (1.15.3)
      mini_portile2 (~> 2.8.2)
      racc (~> 1.4)
    racc (1.7.1)
    tzinfo (2.0.6)
      concurrent-ruby (~> 1.0)
    yt (0.33.4)
      activesupport

PLATFORMS
  x86_64-darwin-22
  x86_64-darwin-23

DEPENDENCIES
  cinch
  htmlentities
  nokogiri
  yt

BUNDLED WITH
   2.4.6
